PATH
  remote: .
  specs:
    fluent-plugin-snowplow (0.1.0)
      snowplow-tracker

GEM
  remote: https://rubygems.org/
  specs:
    contracts (0.11.0)
    rake (13.0.1)
    snowplow-tracker (0.6.1)
      contracts (~> 0.7, <= 0.11)

PLATFORMS
  ruby

DEPENDENCIES
  bundler (~> 1.9)
  fluent-plugin-snowplow!
  rake (~> 13.0)
